GEM
  remote: https://rubygems.org/
  specs:
    dotenv (2.4.0)
    line-bot-api (1.2.2)
    mustermann (1.0.2)
    pg (1.0.0)
    rack (2.0.4)
    rack-protection (2.0.3)
      rack
    sinatra (2.0.3)
      mustermann (~> 1.0)
      rack (~> 2.0)
      rack-protection (= 2.0.3)
      tilt (~> 2.0)
    tilt (2.0.8)

PLATFORMS
  ruby

DEPENDENCIES
  dotenv
  line-bot-api
  pg
  sinatra

BUNDLED WITH
   1.16.2
